{"Modality": "MR", "MagneticFieldStrength": 3, "ImagingFrequency": 123.211, "Manufacturer": "Siemens", "ManufacturersModelName": "Prisma_fit", "InstitutionName": "Robarts_Research_Institute", "InstitutionalDepartmentName": "CFMM", "InstitutionAddress": "Perth_Drive_100_London_Ontario_CA_N6A_5K8", "DeviceSerialNumber": "67007", "StationName": "MRC35368", "BodyPartExamined": "BRAIN", "PatientPosition": "HFS", "ProcedureStepDescription": "Diedrichsen_MCC", "SoftwareVersions": "syngo_MR_E11", "MRAcquisitionType": "2D", "SeriesDescription": "ep_bold_mb3_p2", "ProtocolName": "ep_bold_mb3_p2", "ScanningSequence": "EP", "SequenceVariant": "SK_SS", "ScanOptions": "PFP_FS_EXT", "SequenceName": "epfid2d1_84", "ImageType": ["ORIGINAL", "PRIMARY", "M", "MB", "ND", "NORM", "MOSAIC"], "SeriesNumber": 10, "AcquisitionTime": "11:16:55.497500", "AcquisitionNumber": 1, "ImageComments": "Unaliased_MB3_PE4", "SliceThickness": 3, "SpacingBetweenSlices": 3, "SAR": 0.0772102, "EchoTime": 0.03, "RepetitionTime": 1, "FlipAngle": 40, "PartialFourier": 0.875, "BaseResolution": 84, "ShimSetting": [5230, -6301, -3924, 578, 144, 232, 99, 29], "TxRefAmp": 261.357, "PhaseResolution": 1, "ReceiveCoilName": "Head_32", "ReceiveCoilActiveElements": "HEP", "PulseSequenceDetails": "%CustomerSeq%_cmrr_mbep2d_bold", "WipMemBlock": "fd1f73a6-e8c7-4777-b3e4-16521a27ddd2||Sequence: ve11b/master r/50434d5; Mar  3 2017 10:46:13 by eja", "ConsistencyInfo": "N4_VE11B_LATEST_20150530", "MultibandAccelerationFactor": 3, "PercentPhaseFOV": 100, "EchoTrainLength": 36, "PhaseEncodingSteps": 73, "AcquisitionMatrixPE": 84, "ReconMatrixPE": 84, "BandwidthPerPixelPhaseEncode": 33.069, "ParallelReductionFactorInPlane": 2, "EffectiveEchoSpacing": 0.000359998, "DerivedVendorReportedEchoSpacing": 0.000719995, "TotalReadoutTime": 0.0298798, "PixelBandwidth": 1565, "DwellTime": 3.8e-06, "PhaseEncodingDirection": "j-", "SliceTiming": [0, 0.43, 0.8575, 0.3075, 0.735, 0.185, 0.6125, 0.0625, 0.49, 0.92, 0.3675, 0.7975, 0.245, 0.675, 0.1225, 0.5525, 0, 0.43, 0.8575, 0.3075, 0.735, 0.185, 0.6125, 0.0625, 0.49, 0.92, 0.3675, 0.7975, 0.245, 0.675, 0.1225, 0.5525, 0, 0.43, 0.8575, 0.3075, 0.735, 0.185, 0.6125, 0.0625, 0.49, 0.92, 0.3675, 0.7975, 0.245, 0.675, 0.1225, 0.5525], "ImageOrientationPatientDICOM": [0.999632, 0.0135493, 0.0234925, -0.00872364, 0.980862, -0.194511], "InPlanePhaseEncodingDirectionDICOM": "COL", "ConversionSoftware": "dcm2niix", "ConversionSoftwareVersion": "v1.0.20181125  GCC4.8.5", "TaskName": "b"}