{"Modality": "MR", "MagneticFieldStrength": 3, "ImagingFrequency": 123.211, "Manufacturer": "Siemens", "ManufacturersModelName": "Prisma_fit", "InstitutionName": "Robarts_Research_Institute", "InstitutionalDepartmentName": "CFMM", "InstitutionAddress": "Perth_Drive_100_London_Ontario_CA_N6A_5K8", "DeviceSerialNumber": "67007", "StationName": "MRC35368", "BodyPartExamined": "BRAIN", "PatientPosition": "HFS", "ProcedureStepDescription": "Diedrichsen_MCC", "SoftwareVersions": "syngo_MR_E11", "MRAcquisitionType": "2D", "SeriesDescription": "gre_field_mapping", "ProtocolName": "gre_field_mapping", "ScanningSequence": "GR", "SequenceVariant": "SP", "SequenceName": "_fm2d2r", "ImageType": ["ORIGINAL", "PRIMARY", "P", "ND"], "SeriesNumber": 20, "AcquisitionTime": "11:53:21.020000", "AcquisitionNumber": 1, "SliceThickness": 3, "SpacingBetweenSlices": 3.75, "SAR": 0.126203, "EchoNumber": 2, "EchoTime": 0.00738, "RepetitionTime": 0.5, "FlipAngle": 60, "PartialFourier": 1, "BaseResolution": 80, "ShimSetting": [5250, -6175, -3912, 516, -24, -76, 203, -14], "TxRefAmp": 250.657, "PhaseResolution": 1, "ReceiveCoilName": "Head_32", "ReceiveCoilActiveElements": "HEA;HEP", "PulseSequenceDetails": "%SiemensSeq%_gre_field_mapping", "ConsistencyInfo": "N4_VE11B_LATEST_20150530", "PercentPhaseFOV": 100, "PhaseEncodingSteps": 80, "AcquisitionMatrixPE": 80, "ReconMatrixPE": 80, "PixelBandwidth": 290, "DwellTime": 2.15e-05, "PhaseEncodingDirection": "j-", "ImageOrientationPatientDICOM": [1, 0, 0, 0, 1, 0], "InPlanePhaseEncodingDirectionDICOM": "COL", "ConversionSoftware": "dcm2niix", "ConversionSoftwareVersion": "v1.0.20181125  GCC4.8.5", "EchoTime1": 0.00492, "EchoTime2": 0.00738, "IntendedFor": ["ses-b1/func/sub-02_ses-b1_task-b_run-1_bold.nii.gz", "ses-b1/func/sub-02_ses-b1_task-b_run-2_bold.nii.gz", "ses-b1/func/sub-02_ses-b1_task-b_run-3_bold.nii.gz", "ses-b1/func/sub-02_ses-b1_task-b_run-4_bold.nii.gz", "ses-b1/func/sub-02_ses-b1_task-b_run-5_bold.nii.gz", "ses-b1/func/sub-02_ses-b1_task-b_run-6_bold.nii.gz", "ses-b1/func/sub-02_ses-b1_task-b_run-7_bold.nii.gz", "ses-b1/func/sub-02_ses-b1_task-b_run-8_bold.nii.gz"]}