{
	"Modality": "MR",
	"MagneticFieldStrength": 3,
	"ImagingFrequency": 123.211,
	"Manufacturer": "Siemens",
	"ManufacturersModelName": "Prisma_fit",
	"InstitutionName": "Robarts_Research_Institute",
	"InstitutionalDepartmentName": "CFMM",
	"InstitutionAddress": "Perth_Drive_100_London_Ontario_CA_N6A_5K8",
	"DeviceSerialNumber": "67007",
	"StationName": "MRC35368",
	"BodyPartExamined": "BRAIN",
	"PatientPosition": "HFS",
	"ProcedureStepDescription": "Diedrichsen_Feb2016",
	"SoftwareVersions": "syngo_MR_E11",
	"MRAcquisitionType": "2D",
	"SeriesDescription": "gre_field_mapping",
	"ProtocolName": "gre_field_mapping",
	"ScanningSequence": "GR",
	"SequenceVariant": "SP",
	"SequenceName": "_fm2d2r",
	"ImageType": ["ORIGINAL", "PRIMARY", "M", "ND"],
	"SeriesNumber": 12,
	"AcquisitionTime": "15:47:55.370000",
	"AcquisitionNumber": 1,
	"SliceThickness": 3,
	"SpacingBetweenSlices": 3.75,
	"SAR": 0.209828,
	"EchoNumber": 2,
	"EchoTime": 0.00738,
	"RepetitionTime": 0.5,
	"FlipAngle": 60,
	"PartialFourier": 1,
	"BaseResolution": 80,
	"ShimSetting": [
		5265,
		-6214,
		-3827,
		573,
		83,
		-39,
		-8,
		9	],
	"TxRefAmp": 316.102,
	"PhaseResolution": 1,
	"ReceiveCoilName": "Head_32",
	"ReceiveCoilActiveElements": "HEA;HEP",
	"PulseSequenceDetails": "%SiemensSeq%_gre_field_mapping",
	"ConsistencyInfo": "N4_VE11B_LATEST_20150530",
	"PercentPhaseFOV": 100,
	"PhaseEncodingSteps": 80,
	"AcquisitionMatrixPE": 80,
	"ReconMatrixPE": 80,
	"PixelBandwidth": 290,
	"DwellTime": 2.15e-05,
	"PhaseEncodingDirection": "j-",
	"ImageOrientationPatientDICOM": [
		0.999413,
		0.0115545,
		0.0322479,
		3.6555e-08,
		0.941395,
		-0.337305	],
	"InPlanePhaseEncodingDirectionDICOM": "COL",
	"ConversionSoftware": "dcm2niix",
	"ConversionSoftwareVersion": "v1.0.20181125  GCC4.8.5"
}
