{"Modality": "MR", "MagneticFieldStrength": 3, "ImagingFrequency": 123.211, "Manufacturer": "Siemens", "ManufacturersModelName": "Prisma_fit", "InstitutionName": "Robarts_Research_Institute", "InstitutionalDepartmentName": "CFMM", "InstitutionAddress": "Perth_Drive_100_London_Ontario_CA_N6A_5K8", "DeviceSerialNumber": "67007", "StationName": "MRC35368", "BodyPartExamined": "BRAIN", "PatientPosition": "HFS", "ProcedureStepDescription": "Diedrichsen_MCC", "SoftwareVersions": "syngo_MR_E11", "MRAcquisitionType": "2D", "SeriesDescription": "ep_bold_mb3_p2", "ProtocolName": "ep_bold_mb3_p2", "ScanningSequence": "EP", "SequenceVariant": "SK_SS", "ScanOptions": "PFP_FS_EXT", "SequenceName": "epfid2d1_84", "ImageType": ["ORIGINAL", "PRIMARY", "M", "MB", "ND", "NORM", "MOSAIC"], "SeriesNumber": 8, "AcquisitionTime": "10:43:21.850000", "AcquisitionNumber": 1, "ImageComments": "Unaliased_MB3_PE4", "SliceThickness": 3, "SpacingBetweenSlices": 3, "SAR": 0.0653075, "EchoTime": 0.03, "RepetitionTime": 1, "FlipAngle": 40, "PartialFourier": 0.875, "BaseResolution": 84, "ShimSetting": [5241, -6183, -4019, 664, 143, 82, -37, -52], "TxRefAmp": 251.544, "PhaseResolution": 1, "ReceiveCoilName": "Head_32", "ReceiveCoilActiveElements": "HEA;HEP", "PulseSequenceDetails": "%CustomerSeq%_cmrr_mbep2d_bold", "WipMemBlock": "620012aa-b0b1-4368-8093-301be8fb809d||Sequence: ve11b/master r/50434d5; Mar  3 2017 10:46:13 by eja", "ConsistencyInfo": "N4_VE11B_LATEST_20150530", "MultibandAccelerationFactor": 3, "PercentPhaseFOV": 100, "EchoTrainLength": 36, "PhaseEncodingSteps": 73, "AcquisitionMatrixPE": 84, "ReconMatrixPE": 84, "BandwidthPerPixelPhaseEncode": 33.069, "ParallelReductionFactorInPlane": 2, "EffectiveEchoSpacing": 0.000359998, "DerivedVendorReportedEchoSpacing": 0.000719995, "TotalReadoutTime": 0.0298798, "PixelBandwidth": 1565, "DwellTime": 3.8e-06, "PhaseEncodingDirection": "j-", "SliceTiming": [0, 0.4275, 0.855, 0.305, 0.7325, 0.1825, 0.61, 0.06, 0.4875, 0.9175, 0.365, 0.795, 0.2425, 0.6725, 0.1225, 0.55, 0, 0.4275, 0.855, 0.305, 0.7325, 0.1825, 0.61, 0.06, 0.4875, 0.9175, 0.365, 0.795, 0.2425, 0.6725, 0.1225, 0.55, 0, 0.4275, 0.855, 0.305, 0.7325, 0.1825, 0.61, 0.06, 0.4875, 0.9175, 0.365, 0.795, 0.2425, 0.6725, 0.1225, 0.55], "ImageOrientationPatientDICOM": [1, 0, 0, 0, 0.888617, -0.45865], "InPlanePhaseEncodingDirectionDICOM": "COL", "ConversionSoftware": "dcm2niix", "ConversionSoftwareVersion": "v1.0.20181125  GCC4.8.5", "TaskName": "b"}